GEM
  remote: https://rubygems.org/
  specs:
    chunky_png (1.2.8)
    coffee-script (2.2.0)
      coffee-script-source
      execjs
    coffee-script-source (1.6.2)
    compass (0.12.2)
      chunky_png (~> 1.2)
      fssm (>= 0.2.7)
      sass (~> 3.1)
    compass-h5bp (0.1.1)
      compass
    execjs (1.4.0)
      multi_json (~> 1.0)
    fssm (0.2.10)
    jsmin (1.0.1)
    kgio (2.7.4)
    multi_json (1.7.7)
    mustache (0.99.4)
    rack (1.2.2)
    rack-test (0.6.2)
      rack (>= 1.0)
    raindrops (0.10.0)
    redis (3.0.4)
    sass (3.2.9)
    sinatra (1.2.6)
      rack (~> 1.1)
      tilt (>= 1.2.2, < 2.0)
    sinatra-assetpack (0.2.7)
      jsmin
      rack-test
      sinatra
      tilt (>= 1.3.0)
    sinatra-redis (0.3.0)
      redis
      sinatra (>= 0.9.4)
    sinatra-support (1.2.2)
      sinatra (>= 1.0)
    tilt (1.3)
    unicorn (4.3.1)
      kgio (~> 2.6)
      rack
      raindrops (~> 0.7)

PLATFORMS
  ruby

DEPENDENCIES
  coffee-script
  compass
  compass-h5bp
  mustache
  sinatra
  sinatra-assetpack
  sinatra-redis
  sinatra-support
  unicorn
