GEM
  remote: https://rubygems.org/
  specs:
    kgio (2.7.4)
    rack (1.2.2)
    raindrops (0.10.0)
    redis (3.0.4)
    sinatra (1.2.6)
      rack (~> 1.1)
      tilt (>= 1.2.2, < 2.0)
    sinatra-redis (0.3.0)
      redis
      sinatra (>= 0.9.4)
    tilt (1.3)
    unicorn (4.3.1)
      kgio (~> 2.6)
      rack
      raindrops (~> 0.7)

PLATFORMS
  ruby

DEPENDENCIES
  sinatra
  sinatra-redis
  unicorn
